PATH
  remote: .
  specs:
    ruby-llvm (10.0.0)
      ffi (~> 1.13.1)
      rake (>= 12, < 14)

GEM
  remote: http://rubygems.org/
  specs:
    ansi (1.5.0)
    builder (3.2.4)
    docile (1.3.2)
    ffi (1.13.1)
    ffi_gen (1.2.0)
      ffi (~> 1.0)
    minitest (5.11.3)
    minitest-reporters (1.3.8)
      ansi
      builder
      minitest (>= 5.0)
      ruby-progressbar
    rake (13.0.1)
    ruby-progressbar (1.10.1)
    simplecov (0.18.5)
      docile (~> 1.1)
      simplecov-html (~> 0.11)
    simplecov-html (0.12.2)
    yard (0.9.25)

PLATFORMS
  ruby

DEPENDENCIES
  ffi_gen (~> 1.2.0)
  minitest (~> 5.11.3)
  minitest-reporters (~> 1.3.6)
  ruby-llvm!
  simplecov
  yard (~> 0.9.8)

BUNDLED WITH
   1.17.3
